GEM
  remote: https://rubygems.org/
  specs:
    cgi (0.4.1)
    erb (4.0.4)
      cgi (>= 0.3.3)
    nio4r (2.7.3)
    puma (6.4.2)
      nio4r (~> 2.0)
    rack (3.1.3)

PLATFORMS
  x86_64-linux

DEPENDENCIES
  erb
  puma
  rack

RUBY VERSION
   ruby 3.2.1p31

BUNDLED WITH
   2.4.16
